PATH
  remote: .
  specs:
    alpaca-trade-api (0.4.1)
      faraday (~> 0.15)

GEM
  remote: https://rubygems.org/
  specs:
    addressable (2.6.0)
      public_suffix (>= 2.0.2, < 4.0)
    byebug (11.0.1)
    crack (0.4.3)
      safe_yaml (~> 1.0.0)
    diff-lcs (1.3)
    docile (1.3.2)
    faraday (0.17.3)
      multipart-post (>= 1.2, < 3)
    hashdiff (0.4.0)
    json (2.2.0)
    multipart-post (2.1.1)
    public_suffix (3.1.1)
    rake (13.0.1)
    rb-readline (0.5.5)
    rspec (3.8.0)
      rspec-core (~> 3.8.0)
      rspec-expectations (~> 3.8.0)
      rspec-mocks (~> 3.8.0)
    rspec-core (3.8.2)
      rspec-support (~> 3.8.0)
    rspec-expectations (3.8.4)
      diff-lcs (>= 1.2.0, < 2.0)
      rspec-support (~> 3.8.0)
    rspec-mocks (3.8.1)
      diff-lcs (>= 1.2.0, < 2.0)
      rspec-support (~> 3.8.0)
    rspec-support (3.8.2)
    safe_yaml (1.0.5)
    simplecov (0.16.1)
      docile (~> 1.1)
      json (>= 1.8, < 3)
      simplecov-html (~> 0.10.0)
    simplecov-html (0.10.2)
    vcr (5.0.0)
    webmock (3.6.0)
      addressable (>= 2.3.6)
      crack (>= 0.3.2)
      hashdiff (>= 0.4.0, < 2.0.0)

PLATFORMS
  ruby

DEPENDENCIES
  alpaca-trade-api!
  bundler (~> 2.0)
  byebug
  rake (~> 13.0)
  rb-readline
  rspec (~> 3.0)
  simplecov (~> 0.16)
  vcr (~> 5.0)
  webmock (~> 3.0)

BUNDLED WITH
   2.0.2
